GEM
  remote: https://rubygems.org/
  specs:
    chunky_png (1.2.8)
    compass (0.12.2)
      chunky_png (~> 1.2)
      fssm (>= 0.2.7)
      sass (~> 3.1)
    compass-normalize (1.4.2)
      compass (>= 0.12.0)
    execjs (1.4.0)
      multi_json (~> 1.0)
    fssm (0.2.10)
    haml (4.0.0)
      tilt
    hike (1.2.3)
    json (1.8.0)
    multi_json (1.7.7)
    rack (1.5.2)
    rack-protection (1.5.0)
      rack
    rake (10.0.3)
    sass (3.2.9)
    sinatra (1.3.4)
      rack (~> 1.4)
      rack-protection (~> 1.3)
      tilt (~> 1.3, >= 1.3.3)
    sprockets (2.9.0)
      hike (~> 1.2)
      multi_json (~> 1.0)
      rack (~> 1.0)
      tilt (~> 1.1, != 1.3.0)
    sprockets-helpers (0.8.0)
      sprockets (~> 2.0)
    sprockets-sass (0.9.1)
      sprockets (~> 2.0)
      tilt (~> 1.1)
    susy (1.0.5)
      compass (>= 0.12.2)
      sass (>= 3.2.0)
    tilt (1.4.1)
    uglifier (1.3.0)
      execjs (>= 0.3.0)
      multi_json (~> 1.0, >= 1.0.2)

PLATFORMS
  ruby

DEPENDENCIES
  compass (= 0.12.2)
  compass-normalize (= 1.4.2)
  haml (= 4.0.0)
  json (= 1.8.0)
  rack (= 1.5.2)
  rake (= 10.0.3)
  sinatra (= 1.3.4)
  sprockets (= 2.9.0)
  sprockets-helpers (= 0.8.0)
  sprockets-sass (= 0.9.1)
  susy (= 1.0.5)
  uglifier (= 1.3.0)
